GEM
  remote: https://rubygems.org/
  specs:
    addressable (2.4.0)
    domain_name (0.5.20160310)
      unf (>= 0.0.5, < 1.0.0)
    ffi (1.9.10)
    foreman (0.81.0)
      thor (~> 0.19.1)
    http (2.0.1)
      addressable (~> 2.3)
      http-cookie (~> 1.0)
      http-form_data (~> 1.0.1)
      http_parser.rb (~> 0.6.0)
    http-cookie (1.0.2)
      domain_name (~> 0.5)
    http-form_data (1.0.1)
    http_parser.rb (0.6.0)
    puma (3.4.0)
    rack (1.6.4)
    rack-protection (1.5.3)
      rack
    rake (11.1.2)
    rbnacl (3.4.0)
      ffi
    rbnacl-libsodium (1.0.10)
      rbnacl (>= 3.0.1)
    securer_randomer (0.1.6)
      rbnacl (~> 3.3)
    sinatra (1.4.7)
      rack (~> 1.5)
      rack-protection (~> 1.4)
      tilt (>= 1.3, < 3)
    sirp (2.0.0.pre)
      rbnacl-libsodium (~> 1.0)
      securer_randomer (~> 0.1.0)
    thor (0.19.1)
    tilt (2.0.4)
    unf (0.1.4)
      unf_ext
    unf_ext (0.0.7.2)

PLATFORMS
  ruby

DEPENDENCIES
  bundler (~> 1.12.1)
  foreman (~> 0.81)
  http (~> 2.0)
  puma (~> 3.4)
  rake (~> 11.1)
  sinatra (~> 1.4)
  sirp (~> 2.0.0.pre)

RUBY VERSION
   ruby 2.3.1p112

BUNDLED WITH
   1.12.1
